GEM
  remote: https://rubygems.org/
  specs:

PLATFORMS
  x64-mingw32

DEPENDENCIES

RUBY VERSION
   ruby 2.4.2p198

BUNDLED WITH
   1.15.4
